PATH
  remote: .
  specs:
    wiki_bacon (0.0.1)

GEM
  remote: https://rubygems.org/
  specs:
    libxml-ruby (2.6.0)

PLATFORMS
  ruby

DEPENDENCIES
  libxml-ruby
  wiki_bacon!
